GEM
  remote: https://rubygems.org/
  specs:
    base64 (0.1.1)
    bech32 (1.3.0)
      thor (>= 1.1.0)
    bip-schnorr (0.4.0)
      ecdsa (~> 1.2.0)
    bskyrb (0.5.3)
      date (>= 3.3.3)
      httparty (>= 0.21.0)
      json (>= 2.0)
      xrpc (>= 0.0.4)
    csv (3.3.0)
    date (3.3.4)
    ecdsa (1.2.0)
    event_emitter (0.2.6)
    httparty (0.22.0)
      csv
      mini_mime (>= 1.0.0)
      multi_xml (>= 0.5.2)
    json (2.6.3)
    mini_mime (1.1.5)
    multi_xml (0.6.0)
    nostr_ruby (0.2.0)
      base64 (~> 0.1.1)
      bech32 (~> 1.3.0)
      bip-schnorr (~> 0.4.0)
      json (~> 2.6.2)
      unicode-emoji (~> 3.3.1)
      websocket-client-simple (~> 0.6.0)
    open-uri (0.4.1)
      stringio
      time
      uri
    parallel (1.26.3)
    stringio (3.1.1)
    thor (1.3.2)
    time (0.4.0)
      date
    unicode-emoji (3.3.2)
      unicode-version (~> 1.0)
    unicode-version (1.4.0)
    uri (0.13.1)
    websocket (1.2.11)
    websocket-client-simple (0.6.1)
      event_emitter
      websocket
    xrpc (0.1.7.2)
      date
      httparty
      json (>= 2.0)

PLATFORMS
  ruby
  x86_64-freebsd-13

DEPENDENCIES
  bskyrb
  nostr_ruby
  open-uri
  parallel

BUNDLED WITH
   2.5.20
